PATH
  remote: .
  specs:
    fuelsdk (0.0.6)
      json (~> 1.7)
      jwt (~> 1.4)
      savon (~> 2.2)

GEM
  remote: https://rubygems.org/
  specs:
    akami (1.3.1)
      gyoku (>= 0.4.0)
      nokogiri
    builder (3.2.2)
    ffi (1.9.10)
    ffi (1.9.10-x86-mingw32)
    guard (0.10.0)
      ffi (>= 0.5.0)
      thor (~> 0.14.6)
    guard-rspec (0.7.3)
      guard (>= 0.10.0)
    gyoku (1.3.1)
      builder (>= 2.1.2)
    httpi (2.4.2)
      rack
      socksify
    json (1.8.3)
    jwt (1.5.4)
    mini_portile2 (2.0.0)
    nokogiri (1.6.7.2)
      mini_portile2 (~> 2.0.0.rc2)
    nori (2.6.0)
    rack (1.6.4)
    rake (0.9.6)
    rspec (0.9.4)
    savon (2.11.1)
      akami (~> 1.2)
      builder (>= 2.1.2)
      gyoku (~> 1.2)
      httpi (~> 2.3)
      nokogiri (>= 1.4.0)
      nori (~> 2.4)
      wasabi (~> 3.4)
    socksify (1.7.0)
    thor (0.14.6)
    wasabi (3.5.0)
      httpi (~> 2.0)
      nokogiri (>= 1.4.2)

PLATFORMS
  ruby
  x86-mingw32

DEPENDENCIES
  bundler (~> 1.3)
  fuelsdk!
  guard (~> 0)
  guard-rspec (~> 0)
  rake (~> 0)
  rspec (~> 0)

BUNDLED WITH
   1.11.0
